GEM
  remote: https://rubygems.org/
  specs:
    bosh_common (1.3215.3.0)
      logging (~> 1.8.2)
      semi_semantic (~> 1.1.0)
    bosh_cpi (1.3215.3.1)
      logging (~> 1.8.2)
      membrane (~> 1.1.0)
    builder (3.2.2)
    diff-lcs (1.2.5)
    excon (0.49.0)
    fog-core (1.38.0)
      builder
      excon (~> 0.49)
      formatador (~> 0.2)
    fog-json (1.0.2)
      fog-core (~> 1.0)
      multi_json (~> 1.10)
    fog-openstack (0.1.3)
      fog-core (>= 1.37)
      fog-json (>= 1.0)
      fog-xml (>= 0.1)
      ipaddress (>= 0.8)
    fog-xml (0.1.2)
      fog-core
      nokogiri (~> 1.5, >= 1.5.11)
    formatador (0.2.5)
    httpclient (2.7.1)
    ipaddress (0.8.3)
    little-plugger (1.1.4)
    logging (1.8.2)
      little-plugger (>= 1.1.3)
      multi_json (>= 1.8.4)
    membrane (1.1.0)
    mini_portile2 (2.0.0)
    minitar (0.5.4)
    multi_json (1.11.2)
    nokogiri (1.6.7.2)
      mini_portile2 (~> 2.0.0.rc2)
    rake (10.3.2)
    rspec (3.0.0)
      rspec-core (~> 3.0.0)
      rspec-expectations (~> 3.0.0)
      rspec-mocks (~> 3.0.0)
    rspec-core (3.0.4)
      rspec-support (~> 3.0.0)
    rspec-expectations (3.0.4)
      diff-lcs (>= 1.2.0, < 2.0)
      rspec-support (~> 3.0.0)
    rspec-its (1.0.1)
      rspec-core (>= 2.99.0.beta1)
      rspec-expectations (>= 2.99.0.beta1)
    rspec-mocks (3.0.4)
      rspec-support (~> 3.0.0)
    rspec-support (3.0.4)
    semi_semantic (1.1.0)
    timecop (0.7.4)

PLATFORMS
  ruby

DEPENDENCIES
  bosh_common
  bosh_cpi
  fog-openstack
  httpclient (= 2.7.1)
  membrane (~> 1.1.0)
  minitar (~> 0.5.4)
  rake (~> 10.3.2)
  rspec (~> 3.0.0)
  rspec-its (~> 1.0.1)
  timecop (~> 0.7.1)

BUNDLED WITH
   1.11.2
